GEM
  remote: https://rubygems.org/
  specs:
    awesome_print (1.9.2)
    rack (3.1.7)
    rackup (2.1.0)
      rack (>= 3)
      webrick (~> 1.8)
    webrick (1.8.1)

PLATFORMS
  ruby

DEPENDENCIES
  awesome_print
  rackup (~> 2.1)

BUNDLED WITH
   2.5.16
